GEM
  remote: http://rubygems.org/
  specs:
    RedCloth (4.2.9)
    blankslate (2.1.2.4)
    builder (3.0.0)
    creole (0.4.2)
    expression_parser (0.9.0)
    ffi (1.0.11)
    git (1.2.5)
    github-markup (0.7.1)
    jeweler (1.8.3)
      bundler (~> 1.0)
      git (>= 1.2.5)
      rake
      rdoc
    json (1.6.5)
    minitest (2.11.2)
    org-ruby (0.6.0)
      rubypants (>= 0.2.0)
    pygments.rb (0.2.4)
      rubypython (~> 0.5.3)
    rake (0.9.2.2)
    rcov (1.0.0)
    rdoc (3.12)
      json (~> 1.4)
    redcarpet (2.1.0)
    rubypants (0.2.0)
    rubypython (0.5.3)
      blankslate (>= 2.1.2.3)
      ffi (~> 1.0.7)
    simplecov (0.4.2)
      simplecov-html (~> 0.4.4)
    simplecov-html (0.4.5)
    wikicloth (0.7.1)
      builder
      expression_parser
    yard (0.7.5)

PLATFORMS
  ruby

DEPENDENCIES
  RedCloth (>= 4.2.9)
  bundler (>= 1.0.22)
  creole (>= 0.4.2)
  github-markup (>= 0.7.1)
  jeweler (>= 1.8.3)
  minitest (>= 2.11)
  org-ruby (>= 0.6.0)
  pygments.rb (>= 0.2.4)
  rcov
  rdoc (>= 3.12)
  redcarpet (>= 2.1.0)
  simplecov
  wikicloth (>= 0.7.1)
  yard (>= 0.7)
