GEM
  remote: https://rubygems.org/
  specs:
    RedCloth (4.3.2)
    addressable (2.5.1)
      public_suffix (~> 2.0, >= 2.0.2)
    asciidoctor (1.5.5)
    builder (3.2.3)
    creole (0.5.0)
    descendants_tracker (0.0.4)
      thread_safe (~> 0.3, >= 0.3.1)
    docile (1.1.5)
    expression_parser (0.9.0)
    faraday (0.9.2)
      multipart-post (>= 1.2, < 3)
    git (1.3.0)
    github-markup (1.6.0)
    github_api (0.11.3)
      addressable (~> 2.3)
      descendants_tracker (~> 0.0.1)
      faraday (~> 0.8, < 0.10)
      hashie (>= 1.2)
      multi_json (>= 1.7.5, < 2.0)
      nokogiri (~> 1.6.0)
      oauth2
    hashie (3.5.5)
    highline (1.7.8)
    htmlentities (4.3.4)
    jeweler (2.3.5)
      builder
      bundler (>= 1.0)
      git (>= 1.2.5)
      github_api (~> 0.11.0)
      highline (>= 1.6.15)
      nokogiri (>= 1.5.10)
      psych (~> 2.2)
      rake
      rdoc
      semver2
    json (2.1.0)
    jwt (1.5.6)
    mini_portile2 (2.1.0)
    minitest (5.10.2)
    multi_json (1.12.1)
    multi_xml (0.6.0)
    multipart-post (2.0.0)
    nokogiri (1.6.8.1)
      mini_portile2 (~> 2.1.0)
    oauth2 (1.3.1)
      faraday (>= 0.8, < 0.12)
      jwt (~> 1.0)
      multi_json (~> 1.3)
      multi_xml (~> 0.5)
      rack (>= 1.2, < 3)
    org-ruby (0.9.12)
      rubypants (~> 0.2)
    psych (2.2.4)
    public_suffix (2.0.5)
    pygments.rb (1.1.2)
      multi_json (>= 1.0.0)
    rack (2.0.2)
    rake (12.0.0)
    rdoc (5.1.0)
    redcarpet (3.4.0)
    rubypants (0.6.0)
    semver2 (3.4.2)
    simplecov (0.14.1)
      docile (~> 1.1.0)
      json (>= 1.8, < 3)
      simplecov-html (~> 0.10.0)
    simplecov-html (0.10.0)
    thread_safe (0.3.6)
    twitter-text (1.14.5)
      unf (~> 0.1.0)
    unf (0.1.4)
      unf_ext
    unf_ext (0.0.7.4)
    wikicloth (0.8.3)
      builder
      expression_parser
      htmlentities
      nokogiri
      twitter-text
    yard (0.9.9)

PLATFORMS
  ruby

DEPENDENCIES
  RedCloth (>= 4.3.2)
  asciidoctor (>= 1.5.5)
  bundler (>= 1.3.5)
  creole (>= 0.5.0)
  github-markup (>= 1.6.0)
  jeweler (>= 2.3.5)
  minitest (>= 5.4.1)
  org-ruby (>= 0.9.12)
  pygments.rb (>= 1.1.2)
  redcarpet (>= 3.4.0)
  simplecov (>= 0.14.1)
  wikicloth (>= 0.8.3)
  yard (>= 0.9.9)

BUNDLED WITH
   1.14.4
