GEM
  remote: http://rubygems.org/
  specs:
    RedCloth (4.2.9)
    builder (3.1.4)
    creole (0.5.0)
    expression_parser (0.9.0)
    git (1.2.5)
    github-markup (0.7.4)
    jeweler (1.8.4)
      bundler (~> 1.0)
      git (>= 1.2.5)
      rake
      rdoc
    json (1.7.5)
    minitest (4.3.3)
    multi_json (1.5.0)
    org-ruby (0.7.2)
      rubypants (>= 0.2.0)
    posix-spawn (0.3.6)
    pygments.rb (0.3.3)
      posix-spawn (~> 0.3.6)
      yajl-ruby (~> 1.1.0)
    rake (10.0.3)
    rcov (1.0.0)
    rdoc (3.12)
      json (~> 1.4)
    redcarpet (2.2.2)
    rubypants (0.2.0)
    simplecov (0.7.1)
      multi_json (~> 1.0)
      simplecov-html (~> 0.7.1)
    simplecov-html (0.7.1)
    wikicloth (0.8.0)
      builder
      expression_parser
    yajl-ruby (1.1.0)
    yard (0.8.3)

PLATFORMS
  ruby

DEPENDENCIES
  RedCloth (>= 4.2.9)
  bundler (>= 1.2.3)
  creole (>= 0.5.0)
  github-markup (>= 0.7.4)
  jeweler (>= 1.8.4)
  minitest (>= 4.3.3)
  org-ruby (>= 0.7.2)
  pygments.rb (>= 0.3.3)
  rcov
  rdoc (>= 3.12)
  redcarpet (>= 2.2.2)
  simplecov
  wikicloth (>= 0.8.0)
  yard (>= 0.8.3)
