GEM
  remote: http://rubygems.org/
  specs:
    RedCloth (4.2.9)
    addressable (2.3.5)
    builder (3.2.2)
    creole (0.5.0)
    expression_parser (0.9.0)
    faraday (0.8.8)
      multipart-post (~> 1.2.0)
    git (1.2.6)
    github-markup (0.7.5)
    github_api (0.10.1)
      addressable
      faraday (~> 0.8.1)
      hashie (>= 1.2)
      multi_json (~> 1.4)
      nokogiri (~> 1.5.2)
      oauth2
    hashie (2.0.5)
    highline (1.6.19)
    httpauth (0.2.0)
    jeweler (1.8.7)
      builder
      bundler (~> 1.0)
      git (>= 1.2.5)
      github_api (= 0.10.1)
      highline (>= 1.6.15)
      nokogiri (= 1.5.10)
      rake
      rdoc
    json (1.8.0)
    jwt (0.1.8)
      multi_json (>= 1.5)
    minitest (5.0.6)
    multi_json (1.7.9)
    multi_xml (0.5.5)
    multipart-post (1.2.0)
    nokogiri (1.5.10)
    oauth2 (0.9.2)
      faraday (~> 0.8)
      httpauth (~> 0.2)
      jwt (~> 0.1.4)
      multi_json (~> 1.0)
      multi_xml (~> 0.5)
      rack (~> 1.2)
    org-ruby (0.8.1)
      rubypants (>= 0.2.0)
    posix-spawn (0.3.6)
    pygments.rb (0.5.2)
      posix-spawn (~> 0.3.6)
      yajl-ruby (~> 1.1.0)
    rack (1.5.2)
    rake (10.1.0)
    rcov (1.0.0)
    rdoc (3.12.2)
      json (~> 1.4)
    redcarpet (3.0.0)
    rubypants (0.2.0)
    simplecov (0.7.1)
      multi_json (~> 1.0)
      simplecov-html (~> 0.7.1)
    simplecov-html (0.7.1)
    wikicloth (0.8.0)
      builder
      expression_parser
    yajl-ruby (1.1.0)
    yard (0.8.7)

PLATFORMS
  ruby

DEPENDENCIES
  RedCloth (>= 4.2.9)
  bundler (>= 1.3.5)
  creole (>= 0.5.0)
  github-markup (>= 0.7.5)
  jeweler (>= 1.8.7)
  minitest (>= 4.7.3)
  org-ruby (>= 0.8.1)
  pygments.rb (>= 0.5.2)
  rcov
  rdoc (~> 3.12)
  redcarpet (>= 3.0.0)
  simplecov
  wikicloth (>= 0.8.0)
  yard (>= 0.8.7)
